GEM
  remote: https://rubygems.org/
  specs:
    diff-lcs (1.2.4)
    json (1.7.7)
    rake (10.1.0)
    rdoc (3.12.2)
      json (~> 1.4)
    rspec (2.13.0)
      rspec-core (~> 2.13.0)
      rspec-expectations (~> 2.13.0)
      rspec-mocks (~> 2.13.0)
    rspec-core (2.13.1)
    rspec-expectations (2.13.0)
      diff-lcs (>= 1.1.3, < 2.0)
    rspec-mocks (2.13.1)

PLATFORMS
  ruby

DEPENDENCIES
  rake (~> 10.1.0)
  rdoc (~> 3.12.2)
  rspec (~> 2.13.0)
